GEM
  remote: https://rubygems.org/
  specs:
    ddtrace (0.11.4)
      msgpack
    dogstatsd-ruby (3.3.0)
    msgpack (1.2.4)
    mustermann (1.1.1)
      ruby2_keywords (~> 0.0.1)
    rack (2.2.3)
    rack-protection (2.2.0)
      rack
    ruby2_keywords (0.0.5)
    sinatra (2.2.0)
      mustermann (~> 1.0)
      rack (~> 2.2)
      rack-protection (= 2.2.0)
      tilt (~> 2.0)
    tilt (2.0.10)

PLATFORMS
  ruby

DEPENDENCIES
  ddtrace
  dogstatsd-ruby
  sinatra

BUNDLED WITH
   1.16.0
