GEM
  remote: https://rubygems.org/
  specs:
    ddtrace (0.10.0)
      msgpack
    dogstatsd-ruby (3.0.0)
    msgpack (1.1.0)
    mustermann (1.0.1)
    rack (2.0.3)
    rack-protection (2.0.0)
      rack
    sinatra (2.0.0)
      mustermann (~> 1.0)
      rack (~> 2.0)
      rack-protection (= 2.0.0)
      tilt (~> 2.0)
    tilt (2.0.8)

PLATFORMS
  ruby

DEPENDENCIES
  ddtrace
  dogstatsd-ruby
  sinatra

BUNDLED WITH
   1.15.3
